GEM
  remote: https://rubygems.org/
  specs:
    coderay (1.1.3)
    method_source (1.0.0)
    power_assert (2.0.1)
    pry (0.14.1)
      coderay (~> 1.1)
      method_source (~> 1.0)
    rake (13.0.6)
    test-unit (3.5.3)
      power_assert

PLATFORMS
  x86_64-darwin-19

DEPENDENCIES
  pry
  rake
  test-unit

RUBY VERSION
   ruby 3.1.2p20

BUNDLED WITH
   2.3.18
